GEM
  remote: http://rubygems.org/
  specs:
    git (1.2.5)
    jeweler (1.5.2)
      bundler (~> 1.0.0)
      git (>= 1.2.5)
      rake
    liquid (2.2.2)
    mocha (0.9.10)
      rake
    rake (0.8.7)
    rmagick (2.13.1)
    shoulda (2.11.3)
    test-unit (2.1.2)

PLATFORMS
  ruby

DEPENDENCIES
  jeweler
  liquid
  mocha
  rmagick
  shoulda
  test-unit
